GIT
  remote: https://github.com/jyllsarta/co2mini
  revision: 20418c07657551156789cec55495ffb9fcec16b0
  specs:
    co2mini (0.1.0)
      hid_api

GIT
  remote: https://github.com/jyllsarta/ruby_hid_api
  revision: 03d0ee58bab82128d7bf43d006e9b525977ac435
  specs:
    hid_api (0.1.2)
      ffi (~> 1.9)

GEM
  remote: https://rubygems.org/
  specs:
    dotenv (2.7.5)
    ffi (1.11.1)

PLATFORMS
  ruby

DEPENDENCIES
  co2mini!
  dotenv
  hid_api!

BUNDLED WITH
   1.17.2
