GIT
  remote: https://github.com/jyllsarta/co2mini
  revision: d28995603f5eb3700014779b62a579e95320d18d
  specs:
    co2mini (0.1.0)
      hid_api

GIT
  remote: https://github.com/jyllsarta/ruby_hid_api
  revision: e7808d72957eb9e56071f80e2bb138962a883376
  specs:
    hid_api (0.1.2)
      ffi (~> 1.9)

GEM
  remote: https://rubygems.org/
  specs:
    ffi (1.11.1)

PLATFORMS
  ruby

DEPENDENCIES
  co2mini!
  hid_api!

BUNDLED WITH
   1.16.4
